PATH
  remote: .
  specs:
    lint_fu (0.5.2)
      RedCloth (~> 4.2)
      activesupport (~> 2.3)
      builder (~> 2.1)
      ruby2ruby (~> 1.2)
      ruby_parser (~> 2.0)
      trollop (>= 1.16.0)

GEM
  remote: http://rubygems.org/
  specs:
    RedCloth (4.2.7)
    activesupport (2.3.11)
    builder (2.1.2)
    columnize (0.3.2)
    flexmock (0.8.11)
    linecache (0.43)
    rake (0.8.7)
    rspec (1.3.1)
    ruby-debug (0.10.4)
      columnize (>= 0.1)
      ruby-debug-base (~> 0.10.4.0)
    ruby-debug-base (0.10.4)
      linecache (>= 0.3)
    ruby2ruby (1.2.5)
      ruby_parser (~> 2.0)
      sexp_processor (~> 3.0)
    ruby_parser (2.0.6)
      sexp_processor (~> 3.0)
    sexp_processor (3.0.5)
    trollop (1.16.2)

PLATFORMS
  ruby

DEPENDENCIES
  flexmock (~> 0.8)
  lint_fu!
  rake (>= 0.8.7)
  rspec (~> 1.3)
  ruby-debug (>= 0.10.3)
